GEM
  remote: https://rubygems.org/
  specs:
    dotenv (2.1.1)
    excon (0.49.0)
    json (1.8.3)
    mailchimp-api (2.0.6)
      excon (>= 0.16.0)
      json (>= 1.7.7)

PLATFORMS
  ruby

DEPENDENCIES
  dotenv
  mailchimp-api

BUNDLED WITH
   1.11.2
